PATH
  remote: .
  specs:
    hobostove (0.4.0)
      activesupport (~> 4.0)
      curses (~> 1.0)
      faraday (~> 0.9)
      gli (~> 2.11)
      libnotify (~> 0.8)
      notify (~> 0.5)
      terminal-notifier (~> 1.6)
      values (~> 1.5)

GEM
  remote: https://rubygems.org/
  specs:
    activesupport (4.1.4)
      i18n (~> 0.6, >= 0.6.9)
      json (~> 1.7, >= 1.7.7)
      minitest (~> 5.1)
      thread_safe (~> 0.1)
      tzinfo (~> 1.1)
    curses (1.0.1)
    diff-lcs (1.2.5)
    fakefs (0.4.0)
    faraday (0.9.0)
      multipart-post (>= 1.2, < 3)
    ffi (1.9.3)
    gli (2.11.0)
    i18n (0.6.11)
    json (1.8.1)
    libnotify (0.8.3)
      ffi (>= 1.0.11)
    minitest (5.4.0)
    multipart-post (2.0.0)
    notify (0.5.2)
    rspec (3.0.0)
      rspec-core (~> 3.0.0)
      rspec-expectations (~> 3.0.0)
      rspec-mocks (~> 3.0.0)
    rspec-core (3.0.2)
      rspec-support (~> 3.0.0)
    rspec-expectations (3.0.2)
      diff-lcs (>= 1.2.0, < 2.0)
      rspec-support (~> 3.0.0)
    rspec-mocks (3.0.2)
      rspec-support (~> 3.0.0)
    rspec-support (3.0.2)
    terminal-notifier (1.6.0)
    thread_safe (0.3.4)
    tzinfo (1.2.1)
      thread_safe (~> 0.1)
    values (1.5.0)

PLATFORMS
  ruby

DEPENDENCIES
  fakefs
  hobostove!
  rspec (~> 3.0)
