PATH
  remote: .
  specs:
    hobostove (0.3.0)
      activesupport (~> 4.0)
      curses (~> 1.0)
      gli (~> 2.11)
      notify (~> 0.5)
      tinder (~> 1.9)
      values (~> 1.5)

GEM
  remote: https://rubygems.org/
  specs:
    activesupport (4.1.1)
      i18n (~> 0.6, >= 0.6.9)
      json (~> 1.7, >= 1.7.7)
      minitest (~> 5.1)
      thread_safe (~> 0.1)
      tzinfo (~> 1.1)
    curses (1.0.1)
    diff-lcs (1.1.3)
    eventmachine (1.0.3)
    fakefs (0.4.0)
    faraday (0.8.9)
      multipart-post (~> 1.2.0)
    faraday_middleware (0.9.1)
      faraday (>= 0.7.4, < 0.10)
    gli (2.11.0)
    hashie (2.1.2)
    http_parser.rb (0.5.3)
    i18n (0.6.9)
    json (1.8.1)
    mime-types (1.25.1)
    minitest (5.3.5)
    multi_json (1.10.1)
    multipart-post (1.2.0)
    notify (0.5.2)
    rspec (2.11.0)
      rspec-core (~> 2.11.0)
      rspec-expectations (~> 2.11.0)
      rspec-mocks (~> 2.11.0)
    rspec-core (2.11.1)
    rspec-expectations (2.11.3)
      diff-lcs (~> 1.1.3)
    rspec-mocks (2.11.3)
    simple_oauth (0.1.9)
    thread_safe (0.3.4)
    tinder (1.9.4)
      eventmachine (~> 1.0)
      faraday (~> 0.8.9)
      faraday_middleware (~> 0.9)
      hashie (>= 1.0, < 3)
      json (~> 1.8.0)
      mime-types (~> 1.19)
      multi_json (~> 1.7)
      twitter-stream (~> 0.1)
    twitter-stream (0.1.16)
      eventmachine (>= 0.12.8)
      http_parser.rb (~> 0.5.1)
      simple_oauth (~> 0.1.4)
    tzinfo (1.2.1)
      thread_safe (~> 0.1)
    values (1.5.0)

PLATFORMS
  ruby

DEPENDENCIES
  fakefs
  hobostove!
  rspec
