PATH
  remote: .
  specs:
    hobostove (0.1.1)
      activesupport
      curses
      gli
      ncurses-ruby
      notify
      tinder
      values

GEM
  remote: https://rubygems.org/
  specs:
    activesupport (4.1.1)
      i18n (~> 0.6, >= 0.6.9)
      json (~> 1.7, >= 1.7.7)
      minitest (~> 5.1)
      thread_safe (~> 0.1)
      tzinfo (~> 1.1)
    curses (1.0.1)
    diff-lcs (1.1.3)
    eventmachine (1.0.0)
    fakefs (0.4.0)
    faraday (0.8.4)
      multipart-post (~> 1.1)
    faraday_middleware (0.9.0)
      faraday (>= 0.7.4, < 0.9)
    gli (2.5.2)
    hashie (1.2.0)
    http_parser.rb (0.5.3)
    i18n (0.6.9)
    json (1.8.1)
    mime-types (1.25.1)
    minitest (5.3.4)
    multi_json (1.10.1)
    multipart-post (1.1.5)
    ncurses-ruby (1.2.1)
    notify (0.4.0)
    rspec (2.11.0)
      rspec-core (~> 2.11.0)
      rspec-expectations (~> 2.11.0)
      rspec-mocks (~> 2.11.0)
    rspec-core (2.11.1)
    rspec-expectations (2.11.3)
      diff-lcs (~> 1.1.3)
    rspec-mocks (2.11.3)
    simple_oauth (0.1.9)
    thread_safe (0.3.4)
    tinder (1.9.1)
      eventmachine (>= 0.12.0, < 2)
      faraday (~> 0.8)
      faraday_middleware (~> 0.8)
      hashie (~> 1.0)
      json (~> 1.6)
      mime-types (~> 1.16)
      multi_json (~> 1.0)
      multipart-post (~> 1.1)
      twitter-stream (~> 0.1)
    twitter-stream (0.1.16)
      eventmachine (>= 0.12.8)
      http_parser.rb (~> 0.5.1)
      simple_oauth (~> 0.1.4)
    tzinfo (1.2.1)
      thread_safe (~> 0.1)
    values (1.2.1)

PLATFORMS
  ruby

DEPENDENCIES
  fakefs
  hobostove!
  rspec
